GEM
  remote: http://rubygems.org/
  specs:
    amq-client (0.9.2)
      amq-protocol (>= 0.9.0)
      eventmachine
    amq-protocol (0.9.0)
    amqp (0.9.4)
      amq-client (~> 0.9.2)
      amq-protocol (>= 0.9.0)
      eventmachine
    eventmachine (0.12.10)
    thor (0.14.6)

PLATFORMS
  ruby

DEPENDENCIES
  amqp
  thor
